PATH
  remote: engines/igneous_smart_engine
  specs:
    igneous-smart (1.0.0)

GEM
  remote: https://rubygems.org/
  remote: http://repo.release.cerner.corp/main/rubygems/
  remote: http://repo.release.cerner.corp/internal/rubygems/
  specs:
    actionmailer (4.2.7.1)
      actionpack (= 4.2.7.1)
      actionview (= 4.2.7.1)
      activejob (= 4.2.7.1)
      mail (~> 2.5, >= 2.5.4)
      rails-dom-testing (~> 1.0, >= 1.0.5)
    actionpack (4.2.7.1)
      actionview (= 4.2.7.1)
      activesupport (= 4.2.7.1)
      rack (~> 1.6)
      rack-test (~> 0.6.2)
      rails-dom-testing (~> 1.0, >= 1.0.5)
      rails-html-sanitizer (~> 1.0, >= 1.0.2)
    actionview (4.2.7.1)
      activesupport (= 4.2.7.1)
      builder (~> 3.1)
      erubis (~> 2.7.0)
      rails-dom-testing (~> 1.0, >= 1.0.5)
      rails-html-sanitizer (~> 1.0, >= 1.0.2)
    activejob (4.2.7.1)
      activesupport (= 4.2.7.1)
      globalid (>= 0.3.0)
    activemodel (4.2.7.1)
      activesupport (= 4.2.7.1)
      builder (~> 3.1)
    activerecord (4.2.7.1)
      activemodel (= 4.2.7.1)
      activesupport (= 4.2.7.1)
      arel (~> 6.0)
    activesupport (4.2.7.1)
      i18n (~> 0.7)
      json (~> 1.7, >= 1.7.7)
      minitest (~> 5.1)
      thread_safe (~> 0.3, >= 0.3.4)
      tzinfo (~> 1.1)
    arel (6.0.3)
    ast (2.3.0)
    astrolabe (1.3.1)
      parser (~> 2.2)
    basset-client (1.10.0)
      oauth (~> 0.4.7)
      timber (~> 1.3)
    brakeman (3.0.5)
      erubis (~> 2.6)
      fastercsv (~> 1.5)
      haml (>= 3.0, < 5.0)
      highline (~> 1.6.20)
      multi_json (~> 1.2)
      ruby2ruby (~> 2.1.1)
      ruby_parser (~> 3.7.0)
      sass (~> 3.0)
      terminal-table (~> 1.4)
    builder (3.2.2)
    bundler-audit (0.4.0)
      bundler (~> 1.2)
      thor (~> 0.18)
    canadarm_ruby (1.0.0)
    cloud_service_oauth (3.1.0)
      oauth
    coffee-rails (4.1.1)
      coffee-script (>= 2.2.0)
      railties (>= 4.0.0, < 5.1.x)
    coffee-script (2.4.1)
      coffee-script-source
      execjs
    coffee-script-source (1.10.0)
    colorize (0.7.7)
    combustion (0.5.5)
      activesupport (>= 3.0.0)
      railties (>= 3.0.0)
      thor (>= 0.14.6)
    commonjs (0.2.7)
    diff-lcs (1.2.5)
    docile (1.1.5)
    embedded_content_engine (1.0.0)
      canadarm_ruby (~> 1.0)
      cloud_service_oauth (~> 3.1)
      less-rails (~> 2.7)
      rails (~> 4.1)
    erubis (2.7.0)
    execjs (2.7.0)
    factory_girl (4.7.0)
      activesupport (>= 3.0.0)
    factory_girl_rails (4.7.0)
      factory_girl (~> 4.7.0)
      railties (>= 3.0.0)
    fastercsv (1.5.5)
    gc_stats (1.0.1)
      rails (~> 4.1)
    geminabox (0.6.1)
      builder
      httpclient
      sinatra
    globalid (0.3.7)
      activesupport (>= 4.1.0)
    haml (4.0.7)
      tilt
    hi-checkup (1.8.0)
      rails (~> 4.0)
    highline (1.6.21)
    hike (1.2.3)
    http_accept_language (1.0.2)
    httpclient (2.8.2.2)
    i18n (0.7.0)
    ion_common (3.14.0)
      activesupport (~> 4.1)
      basset-client (~> 1.5)
      gc_stats (~> 1.0)
      http_accept_language (~> 1.0)
      i18n (~> 0.6)
      ion_request_store_registry (~> 1.0)
      millennium_service_discovery (~> 1.0)
      thrift (~> 0.9)
    ion_profiler_engine (1.9.0)
      ion_common (~> 3.2)
      statsd-ruby (~> 1.2)
      thread-parent (~> 1.0.4)
    ion_request_store_registry (1.0.1)
      activesupport (~> 4.1)
      request_store (~> 1.1)
    jbuilder (2.6.0)
      activesupport (>= 3.0.0, < 5.1)
      multi_json (~> 1.2)
    jquery-rails (4.1.1)
      rails-dom-testing (>= 1, < 3)
      railties (>= 4.2.0)
      thor (>= 0.14, < 2.0)
    json (1.8.3)
    less (2.6.0)
      commonjs (~> 0.2.7)
    less-rails (2.7.1)
      actionpack (>= 4.0)
      less (~> 2.6.0)
      sprockets (> 2, < 4)
      tilt
    libv8 (3.16.14.15)
    loofah (2.0.3)
      nokogiri (>= 1.5.9)
    mail (2.6.4)
      mime-types (>= 1.16, < 4)
    millennia_discovery (1.2.0)
      rails (~> 4.1)
      ruby-openid (~> 2.5)
      timber (~> 1.0)
    millennium_service_discovery (1.2.0)
      millennia_discovery (~> 1.0)
      rails (~> 4.1)
      timber (~> 1.0)
    mime-types (2.4.3)
    mini_portile2 (2.1.0)
    minitest (5.9.0)
    multi_json (1.12.1)
    mysql2 (0.3.18)
    nokogiri (1.6.8)
      mini_portile2 (~> 2.1.0)
      pkg-config (~> 1.1.7)
    oauth (0.4.7)
    parser (2.3.1.2)
      ast (~> 2.2)
    philter (1.11.0)
      colorize (~> 0.7.3)
      execjs (~> 2.6)
      multi_json (~> 1.6)
      roll_out (~> 1.7)
      rubocop (~> 0.27.1)
      thor (~> 0.19.1)
    pkg-config (1.1.7)
    powerpack (0.0.9)
    rack (1.6.4)
    rack-cors (0.4.0)
    rack-protection (1.5.3)
      rack
    rack-test (0.6.3)
      rack (>= 1.0)
    rails (4.2.7.1)
      actionmailer (= 4.2.7.1)
      actionpack (= 4.2.7.1)
      actionview (= 4.2.7.1)
      activejob (= 4.2.7.1)
      activemodel (= 4.2.7.1)
      activerecord (= 4.2.7.1)
      activesupport (= 4.2.7.1)
      bundler (>= 1.3.0, < 2.0)
      railties (= 4.2.7.1)
      sprockets-rails
    rails-deprecated_sanitizer (1.0.3)
      activesupport (>= 4.2.0.alpha)
    rails-dom-testing (1.0.7)
      activesupport (>= 4.2.0.beta, < 5.0)
      nokogiri (~> 1.6.0)
      rails-deprecated_sanitizer (>= 1.0.1)
    rails-html-sanitizer (1.0.3)
      loofah (~> 2.0)
    railties (4.2.7.1)
      actionpack (= 4.2.7.1)
      activesupport (= 4.2.7.1)
      rake (>= 0.8.7)
      thor (>= 0.18.1, < 2.0)
    rainbow (2.1.0)
    rake (11.2.2)
    rdoc (4.2.2)
      json (~> 1.4)
    redcarpet (3.2.3)
    ref (2.0.0)
    request_store (1.3.1)
    roll_out (1.11.0)
      geminabox (~> 0.6.0)
      haml (>= 3.1, < 5.0.0)
      mime-types (~> 2.4.3)
      rake
      redcarpet (~> 3.2.2)
    roll_out-security (1.4.0)
      brakeman (~> 3.0)
      bundler-audit (~> 0.3)
      roll_out (~> 1.6)
    rspec (3.5.0)
      rspec-core (~> 3.5.0)
      rspec-expectations (~> 3.5.0)
      rspec-mocks (~> 3.5.0)
    rspec-activemodel-mocks (1.0.3)
      activemodel (>= 3.0)
      activesupport (>= 3.0)
      rspec-mocks (>= 2.99, < 4.0)
    rspec-collection_matchers (1.1.2)
      rspec-expectations (>= 2.99.0.beta1)
    rspec-core (3.5.2)
      rspec-support (~> 3.5.0)
    rspec-expectations (3.5.0)
      diff-lcs (>= 1.2.0, < 2.0)
      rspec-support (~> 3.5.0)
    rspec-mocks (3.5.0)
      diff-lcs (>= 1.2.0, < 2.0)
      rspec-support (~> 3.5.0)
    rspec-rails (3.5.1)
      actionpack (>= 3.0)
      activesupport (>= 3.0)
      railties (>= 3.0)
      rspec-core (~> 3.5.0)
      rspec-expectations (~> 3.5.0)
      rspec-mocks (~> 3.5.0)
      rspec-support (~> 3.5.0)
    rspec-support (3.5.0)
    rubocop (0.27.1)
      astrolabe (~> 1.3)
      parser (>= 2.2.0.pre.7, < 3.0)
      powerpack (~> 0.0.6)
      rainbow (>= 1.99.1, < 3.0)
      ruby-progressbar (~> 1.4)
    ruby-openid (2.7.0)
    ruby-progressbar (1.8.1)
    ruby2ruby (2.1.4)
      ruby_parser (~> 3.1)
      sexp_processor (~> 4.0)
    ruby_parser (3.7.3)
      sexp_processor (~> 4.1)
    sass (3.4.22)
    sass-rails (5.0.6)
      railties (>= 4.0.0, < 6)
      sass (~> 3.1)
      sprockets (>= 2.8, < 4.0)
      sprockets-rails (>= 2.0, < 4.0)
      tilt (>= 1.1, < 3)
    sdoc (0.4.1)
      json (~> 1.7, >= 1.7.7)
      rdoc (~> 4.0)
    sexp_processor (4.7.0)
    simplecov (0.12.0)
      docile (~> 1.1.0)
      json (>= 1.8, < 3)
      simplecov-html (~> 0.10.0)
    simplecov-html (0.10.0)
    sinatra (1.4.7)
      rack (~> 1.5)
      rack-protection (~> 1.4)
      tilt (>= 1.3, < 3)
    spring (1.7.2)
    sprockets (2.11.3)
      hike (~> 1.2)
      multi_json (~> 1.0)
      rack (~> 1.0)
      tilt (~> 1.1, != 1.3.0)
    sprockets-rails (2.3.3)
      actionpack (>= 3.0)
      activesupport (>= 3.0)
      sprockets (>= 2.8, < 4.0)
    sqlite3 (1.3.11)
    statsd-ruby (1.2.1)
    terminal-table (1.5.2)
    therubyracer (0.12.2)
      libv8 (~> 3.16.14.0)
      ref
    thor (0.19.1)
    thread-parent (1.0.4)
    thread_safe (0.3.5)
    thrift (0.9.3.0)
    tilt (1.4.1)
    timber (1.7.0)
      activesupport
    turbolinks (2.5.3)
      coffee-rails
    tzinfo (1.2.2)
      thread_safe (~> 0.1)
    uglifier (3.0.1)
      execjs (>= 0.3.0, < 3)
    yui-compressor (0.12.0)

PLATFORMS
  ruby

DEPENDENCIES
  basset-client (~> 1.10)!
  canadarm_ruby (~> 1.0)!
  coffee-rails (~> 4.1.0)
  combustion (~> 0.5)
  embedded_content_engine (~> 1.0)!
  factory_girl_rails (~> 4.0)
  hi-checkup (~> 1.7)!
  igneous-smart (= 1.0.0)!
  ion_common (~> 3.12)!
  ion_profiler_engine (~> 1.8)!
  jbuilder (~> 2.0)
  jquery-rails (~> 4.0)
  libv8 (~> 3.16.14.11)
  mysql2 (= 0.3.18)
  philter (~> 1.8)!
  rack-cors (~> 0.4)
  rails (= 4.2.7.1)
  roll_out (~> 1.11)!
  roll_out-security (~> 1.3)!
  rspec (~> 3.2)
  rspec-activemodel-mocks (~> 1.0)
  rspec-collection_matchers (~> 1.1)
  rspec-core (~> 3.4)
  rspec-mocks (~> 3.2)
  rspec-rails (~> 3.2)
  sass-rails (~> 5.0)
  sdoc (~> 0.4.0)
  simplecov (~> 0.10)
  spring
  sprockets (~> 2.11.0)
  sqlite3 (~> 1.3)
  therubyracer
  timber (~> 1.7.0)!
  turbolinks (~> 2.5)
  uglifier (>= 1.3.0)
  yui-compressor (= 0.12.0)

BUNDLED WITH
   1.11.2
